GEM
  remote: https://rubygems.org/
  specs:
    activesupport (4.2.11.1)
      i18n (~> 0.7)
      minitest (~> 5.1)
      thread_safe (~> 0.3, >= 0.3.4)
      tzinfo (~> 1.1)
    concurrent-ruby (1.1.5)
    eventmachine (1.0.9)
    ffi (1.9.25)
    i18n (0.9.5)
      concurrent-ruby (~> 1.0)
    ladder_drive (0.6.0)
      activesupport (~> 4.2, >= 4.2.7)
      ffi (~> 1.9.24, >= 1.9.24)
      pi_piper (~> 2.0, >= 2.0.0)
      thor (~> 0)
    minitest (5.11.3)
    pi_piper (2.0.0)
      eventmachine (= 1.0.9)
      ffi
    serialport (1.3.1)
    thor (0.20.3)
    thread_safe (0.3.6)
    tzinfo (1.2.5)
      thread_safe (~> 0.1)

PLATFORMS
  ruby

DEPENDENCIES
  ladder_drive
  serialport

BUNDLED WITH
   1.17.2
